GEM
  remote: http://rubygems.org/
  specs:
    POpen4 (0.1.4)
      Platform (>= 0.4.0)
      open4
    Platform (0.4.0)
    abstract (1.0.0)
    actionmailer (3.0.7)
      actionpack (= 3.0.7)
      mail (~> 2.2.15)
    actionpack (3.0.7)
      activemodel (= 3.0.7)
      activesupport (= 3.0.7)
      builder (~> 2.1.2)
      erubis (~> 2.6.6)
      i18n (~> 0.5.0)
      rack (~> 1.2.1)
      rack-mount (~> 0.6.14)
      rack-test (~> 0.5.7)
      tzinfo (~> 0.3.23)
    activemodel (3.0.7)
      activesupport (= 3.0.7)
      builder (~> 2.1.2)
      i18n (~> 0.5.0)
    activerecord (3.0.7)
      activemodel (= 3.0.7)
      activesupport (= 3.0.7)
      arel (~> 2.0.2)
      tzinfo (~> 0.3.23)
    activeresource (3.0.7)
      activemodel (= 3.0.7)
      activesupport (= 3.0.7)
    activesupport (3.0.7)
    acts-as-taggable-on (2.3.3)
      rails (~> 3.0)
    arel (2.0.10)
    bcrypt-ruby (3.0.1)
    builder (2.1.2)
    devise (1.5.3)
      bcrypt-ruby (~> 3.0)
      orm_adapter (~> 0.0.3)
      warden (~> 1.1)
    erubis (2.6.6)
      abstract (>= 1.0.0)
    hashr (0.0.22)
    i18n (0.5.0)
    jammit (0.6.5)
      yui-compressor (>= 0.9.3)
    jquery-rails (1.0.2)
      railties (~> 3.0)
      thor (~> 0.14)
    kgio (2.7.4)
    macaddr (1.6.1)
      systemu (~> 2.5.0)
    mail (2.2.19)
      activesupport (>= 2.3.6)
      i18n (>= 0.4.0)
      mime-types (~> 1.16)
      treetop (~> 1.4.8)
    mime-types (1.19)
    multi_json (1.4.0)
    nokogiri (1.5.5)
    open4 (1.3.0)
    orm_adapter (0.0.7)
    pg (0.14.1)
    polyglot (0.3.3)
    rack (1.2.5)
    rack-mount (0.6.14)
      rack (>= 1.0.0)
    rack-test (0.5.7)
      rack (>= 1.0)
    rails (3.0.7)
      actionmailer (= 3.0.7)
      actionpack (= 3.0.7)
      activerecord (= 3.0.7)
      activeresource (= 3.0.7)
      activesupport (= 3.0.7)
      bundler (~> 1.0)
      railties (= 3.0.7)
    railties (3.0.7)
      actionpack (= 3.0.7)
      activesupport (= 3.0.7)
      rake (>= 0.8.7)
      thor (~> 0.14.4)
    raindrops (0.10.0)
    rake (10.0.2)
    rest-client (1.6.7)
      mime-types (>= 1.16)
    systemu (2.5.2)
    thor (0.14.6)
    tire (0.5.1)
      activemodel (>= 3.0)
      hashr (~> 0.0.19)
      multi_json (~> 1.0)
      rake
      rest-client (~> 1.6)
    treetop (1.4.12)
      polyglot
      polyglot (>= 0.3.1)
    tzinfo (0.3.35)
    unicorn (4.4.0)
      kgio (~> 2.6)
      rack
      raindrops (~> 0.7)
    uuid (2.3.6)
      macaddr (~> 1.0)
    warden (1.2.1)
      rack (>= 1.0)
    will_paginate (3.0.pre2)
    yui-compressor (0.9.6)
      POpen4 (>= 0.1.4)

PLATFORMS
  ruby

DEPENDENCIES
  acts-as-taggable-on
  devise
  jammit
  jquery-rails (= 1.0.2)
  nokogiri
  pg
  rails (= 3.0.7)
  tire
  unicorn
  uuid
  will_paginate (= 3.0.pre2)
